GEM
  remote: https://rubygems.org/
  specs:
    activesupport (6.1.4.1)
      concurrent-ruby (~> 1.0, >= 1.0.2)
      i18n (>= 1.6, < 2)
      minitest (>= 5.1)
      tzinfo (~> 2.0)
      zeitwerk (~> 2.3)
    coderay (1.1.3)
    concurrent-ruby (1.1.9)
    filewatcher (2.0.0.beta5)
    httpclient (2.8.3)
    i18n (1.8.10)
      concurrent-ruby (~> 1.0)
    method_source (1.0.0)
    mini_magick (4.11.0)
    minitest (5.14.4)
    mocha (1.13.0)
    pry (0.14.1)
      coderay (~> 1.1)
      method_source (~> 1.0)
    tinify (1.5.0)
      httpclient (~> 2.6)
    tzinfo (2.0.4)
      concurrent-ruby (~> 1.0)
    zeitwerk (2.4.2)

PLATFORMS
  ruby

DEPENDENCIES
  activesupport
  filewatcher (~> 2.0.0.beta2)
  mini_magick
  mocha
  pry
  tinify

BUNDLED WITH
   1.17.3
