GEM
  remote: https://rubygems.org/
  specs:
    activesupport (7.0.0.alpha2)
      concurrent-ruby (~> 1.0, >= 1.0.2)
      i18n (>= 1.6, < 2)
      minitest (>= 5.1)
      tzinfo (~> 2.0)
    coderay (1.1.3)
    concurrent-ruby (1.1.9)
    filewatcher (2.0.0.beta5)
    httpclient (2.8.3)
    i18n (1.8.11)
      concurrent-ruby (~> 1.0)
    method_source (1.0.0)
    mini_magick (4.11.0)
    minitest (5.14.4)
    mocha (1.13.0)
    power_assert (2.0.1)
    pry (0.14.1)
      coderay (~> 1.1)
      method_source (~> 1.0)
    test-unit (3.5.1)
      power_assert
    tinify (1.5.1)
      httpclient (~> 2.6)
    tzinfo (2.0.4)
      concurrent-ruby (~> 1.0)

PLATFORMS
  ruby

DEPENDENCIES
  activesupport (~> 7.0.0alpha2)
  filewatcher (~> 2.0.0.beta5)
  mini_magick
  mocha
  pry
  test-unit
  tinify

RUBY VERSION
   ruby 3.0.3p157

BUNDLED WITH
   2.2.32
