GEM
  remote: https://rubygems.org/
  specs:
    concurrent-ruby (1.2.2)
    httparty (0.21.0)
      mini_mime (>= 1.0.0)
      multi_xml (>= 0.5.2)
    mini_mime (1.1.2)
    multi_xml (0.6.0)
    pcloud_api (0.2.3)
      httparty (~> 0.16)
      tzinfo
    tzinfo (2.0.6)
      concurrent-ruby (~> 1.0)

PLATFORMS
  x86_64-darwin-21

DEPENDENCIES
  httparty
  pcloud_api

BUNDLED WITH
   2.3.26
