GEM
  remote: https://rubygems.org/
  specs:
    bigdecimal (3.1.8)
    coderay (1.1.3)
    concurrent-ruby (1.3.4)
    csv (3.3.0)
    httparty (0.22.0)
      csv
      mini_mime (>= 1.0.0)
      multi_xml (>= 0.5.2)
    method_source (1.1.0)
    mini_mime (1.1.5)
    multi_xml (0.7.1)
      bigdecimal (~> 3.1)
    pcloud_api (0.2.6)
      httparty (~> 0.16)
      tzinfo
    pry (0.14.2)
      coderay (~> 1.1)
      method_source (~> 1.0)
    tzinfo (2.0.6)
      concurrent-ruby (~> 1.0)

PLATFORMS
  arm64-darwin-23
  x86_64-darwin-21

DEPENDENCIES
  httparty
  pcloud_api (>= 0.2.5)
  pry

BUNDLED WITH
   2.3.26
