GEM
  remote: https://rubygems.org/
  specs:
    aws-eventstream (1.2.0)
    aws-partitions (1.513.0)
    aws-sdk-core (3.121.1)
      aws-eventstream (~> 1, >= 1.0.2)
      aws-partitions (~> 1, >= 1.239.0)
      aws-sigv4 (~> 1.1)
      jmespath (~> 1.0)
    aws-sdk-polly (1.46.0)
      aws-sdk-core (~> 3, >= 3.120.0)
      aws-sigv4 (~> 1.1)
    aws-sigv4 (1.4.0)
      aws-eventstream (~> 1, >= 1.0.2)
    coderay (1.1.3)
    jmespath (1.4.0)
    method_source (1.0.0)
    mocha (1.13.0)
    nokogiri (1.12.5-x86_64-darwin)
      racc (~> 1.4)
    power_assert (2.0.1)
    pry (0.14.1)
      coderay (~> 1.1)
      method_source (~> 1.0)
    racc (1.5.2)
    test-unit (3.4.7)
      power_assert

PLATFORMS
  x86_64-darwin-19
  x86_64-darwin-20

DEPENDENCIES
  aws-sdk-polly
  mocha
  nokogiri
  pry
  test-unit

RUBY VERSION
   ruby 3.0.2p107

BUNDLED WITH
   2.2.29
