GEM
  remote: https://rubygems.org/
  specs:
    concurrent-ruby (1.2.0)
    i18n (1.12.0)
      concurrent-ruby (~> 1.0)
    monetize (1.12.0)
      money (~> 6.12)
    money (6.16.0)
      i18n (>= 0.6.4, <= 2)

PLATFORMS
  x86_64-darwin-21

DEPENDENCIES
  monetize
  money

BUNDLED WITH
   2.3.26
