GEM
  remote: https://rubygems.org/
  specs:
    concurrent-ruby (1.1.8)
    i18n (1.8.10)
      concurrent-ruby (~> 1.0)
    monetize (1.11.0)
      money (~> 6.12)
    money (6.14.1)
      i18n (>= 0.6.4, <= 2)

PLATFORMS
  ruby

DEPENDENCIES
  monetize
  money

BUNDLED WITH
   2.1.4
