GEM
  remote: https://rubygems.org/
  specs:
    activesupport (6.0.3.4)
      concurrent-ruby (~> 1.0, >= 1.0.2)
      i18n (>= 0.7, < 2)
      minitest (~> 5.1)
      tzinfo (~> 1.1)
      zeitwerk (~> 2.2, >= 2.2.2)
    concurrent-ruby (1.1.7)
    filewatcher (2.0.0.beta2)
    httpclient (2.8.3)
    i18n (1.8.5)
      concurrent-ruby (~> 1.0)
    mini_magick (4.11.0)
    minitest (5.14.2)
    thread_safe (0.3.6)
    tinify (1.5.0)
      httpclient (~> 2.6)
    tzinfo (1.2.8)
      thread_safe (~> 0.1)
    zeitwerk (2.4.1)

PLATFORMS
  ruby

DEPENDENCIES
  activesupport
  filewatcher (~> 2.0.0.beta2)
  mini_magick
  tinify

BUNDLED WITH
   1.17.3
