GEM
  remote: https://rubygems.org/
  specs:
    filewatcher (2.0.0.beta2)
    httpclient (2.8.3)
    image_size (2.1.0)
    tinify (1.5.0)
      httpclient (~> 2.6)

PLATFORMS
  ruby

DEPENDENCIES
  filewatcher (~> 2.0.0.beta2)
  image_size
  tinify

BUNDLED WITH
   1.17.3
